GEM
  remote: https://rubygems.org/
  specs:
    rack (3.0.8)
    rackup (2.1.0)
      rack (>= 3)
      webrick (~> 1.8)
    webrick (1.8.1)

PLATFORMS
  ruby
  x86_64-darwin-22

DEPENDENCIES
  rackup

RUBY VERSION
   ruby 3.3.0p0

BUNDLED WITH
   2.5.3
